GEM
  remote: https://rubygems.org/
  specs:
    active_support (3.0.0)
      activesupport (= 3.0.0)
    activesupport (3.0.0)
    coderay (1.0.9)
    color (1.4.1)
    ffi (1.6.0-java)
    haml (4.0.0)
      tilt
    i18n (0.6.4)
    method_source (0.8.1)
    pry (0.9.12)
      coderay (~> 1.0.5)
      method_source (~> 0.8)
      slop (~> 3.4)
    pry (0.9.12-java)
      coderay (~> 1.0.5)
      method_source (~> 0.8)
      slop (~> 3.4)
      spoon (~> 0.0)
    rack (1.5.2)
    rack-cache (1.2)
      rack (>= 0.4)
    rack-protection (1.5.0)
      rack
    shotgun (0.9)
      rack (>= 1.0)
    sinatra (1.4.1)
      rack (~> 1.5, >= 1.5.2)
      rack-protection (~> 1.4)
      tilt (~> 1.3, >= 1.3.4)
    sinatra-twitter-bootstrap (2.2.2.1)
    slop (3.4.3)
    spoon (0.0.3)
      ffi
    tilt (1.3.6)

PLATFORMS
  java
  ruby

DEPENDENCIES
  active_support
  color
  haml
  i18n
  pry
  rack-cache
  shotgun
  sinatra
  sinatra-twitter-bootstrap
