GEM
  remote: https://rubygems.org/
  specs:
    active_support (3.0.0)
      activesupport (= 3.0.0)
    activesupport (3.0.0)
    addressable (2.3.3)
    coderay (1.0.9)
    haml (4.0.0)
      tilt
    i18n (0.6.4)
    libv8 (3.3.10.4)
    method_source (0.8.1)
    nokogiri (1.5.6)
    pry (0.9.12)
      coderay (~> 1.0.5)
      method_source (~> 0.8)
      slop (~> 3.4)
    rack (1.5.2)
    rack-protection (1.5.0)
      rack
    shotgun (0.9)
      rack (>= 1.0)
    sinatra (1.4.1)
      rack (~> 1.5, >= 1.5.2)
      rack-protection (~> 1.4)
      tilt (~> 1.3, >= 1.3.4)
    sinatra-twitter-bootstrap (2.2.2.1)
    slop (3.4.3)
    therubyracer (0.10.2)
      libv8 (~> 3.3.10)
    tilt (1.3.6)

PLATFORMS
  java
  ruby

DEPENDENCIES
  active_support
  addressable
  haml
  i18n
  nokogiri
  pry
  shotgun
  sinatra
  sinatra-twitter-bootstrap
  therubyracer
